GIT
  remote: https://github.com/winton/stasis
  revision: 842b44afbd843e01c782b9d0839e41e1c33845d8
  specs:
    stasis (0.2.0)
      directory_watcher (= 1.4.1)
      slop (= 3.3.2)
      tilt (= 1.3.3)

GEM
  remote: https://rubygems.org/
  specs:
    directory_watcher (1.4.1)
    haml (4.0.4)
      tilt
    sass (3.2.12)
    slop (3.3.2)
    tilt (1.3.3)

PLATFORMS
  ruby

DEPENDENCIES
  haml
  sass
  stasis!
