GEM
  remote: https://rubygems.org/
  specs:
    daemons (1.1.9)
    directory_watcher (1.4.1)
    eventmachine (1.0.3)
    haml (4.0.4)
      tilt
    rack (1.5.2)
    sass (3.2.12)
    slop (3.3.2)
    stasis (0.2.0)
      directory_watcher (= 1.4.1)
      slop (= 3.3.2)
      tilt (= 1.3.3)
    thin (1.6.1)
      daemons (>= 1.0.9)
      eventmachine (>= 1.0.0)
      rack (>= 1.0.0)
    tilt (1.3.3)

PLATFORMS
  ruby

DEPENDENCIES
  haml
  rack
  sass
  stasis
  thin
